GEM
  remote: http://rubygems.org/
  specs:
    albacore (0.2.7)
      rubyzip (~> 0.9)
    rake (12.3.3)
    rubyzip (0.9.4)
    semver2 (2.0.0)

PLATFORMS
  ruby
  x86-mingw32

DEPENDENCIES
  albacore
  bundler
  rake
  semver2
